GEM
  remote: https://rubygems.org/
  specs:
    diff-lcs (1.3)
    docx (0.2.07)
      nokogiri (~> 1.5)
      rubyzip (~> 1.1.6)
    faker (1.8.4)
      i18n (~> 0.5)
    i18n (0.8.6)
    mini_portile2 (2.2.0)
    money (6.9.0)
      i18n (>= 0.6.4, < 0.9)
    nokogiri (1.8.0)
      mini_portile2 (~> 2.2.0)
    rspec (3.6.0)
      rspec-core (~> 3.6.0)
      rspec-expectations (~> 3.6.0)
      rspec-mocks (~> 3.6.0)
    rspec-core (3.6.0)
      rspec-support (~> 3.6.0)
    rspec-expectations (3.6.0)
      diff-lcs (>= 1.2.0, < 2.0)
      rspec-support (~> 3.6.0)
    rspec-mocks (3.6.0)
      diff-lcs (>= 1.2.0, < 2.0)
      rspec-support (~> 3.6.0)
    rspec-support (3.6.0)
    rubyzip (1.1.7)
    sablon (0.0.21)
      nokogiri (>= 1.6.0)
      rubyzip (>= 1.1)

PLATFORMS
  ruby

DEPENDENCIES
  docx
  faker
  money
  rspec
  sablon

RUBY VERSION
   ruby 2.3.2p217

BUNDLED WITH
   1.13.6
